NUGET
  remote: https://www.nuget.org/api/v2
  specs:
    FAKE (4.19.0)
    NUnit (3.0.1)
